GEM
  remote: https://rubygems.org/
  specs:
    concurrent-ruby (1.1.10)

PLATFORMS
  ruby

DEPENDENCIES
  concurrent-ruby (~> 1.1.6)

BUNDLED WITH
   1.17.2
