GEM
  remote: https://rubygems.org/
  specs:
    websocket-driver (0.7.6)
      websocket-extensions (>= 0.1.0)
    websocket-extensions (0.1.5)

PLATFORMS
  arm64-darwin-22
  ruby

DEPENDENCIES
  websocket-driver (~> 0.2)

BUNDLED WITH
   2.5.3
